PATH
  remote: .
  specs:
    globalfolders_client (0.0.1)

GEM
  remote: http://rubygems.org/
  specs:
    activemodel (3.0.0)
      activesupport (= 3.0.0)
      builder (~> 2.1.2)
      i18n (~> 0.4.1)
    activeresource (3.0.0)
      activemodel (= 3.0.0)
      activesupport (= 3.0.0)
    activesupport (3.0.0)
    builder (2.1.2)
    diff-lcs (1.1.2)
    httpclient (2.1.5.2)
    i18n (0.4.1)
    rake (0.8.7)
    rspec (2.0.0.beta.19)
      rspec-core (= 2.0.0.beta.19)
      rspec-expectations (= 2.0.0.beta.19)
      rspec-mocks (= 2.0.0.beta.19)
    rspec-core (2.0.0.beta.19)
    rspec-expectations (2.0.0.beta.19)
      diff-lcs (>= 1.1.2)
    rspec-mocks (2.0.0.beta.19)
    tzinfo (0.3.23)

PLATFORMS
  ruby

DEPENDENCIES
  activeresource
  globalfolders_client!
  httpclient
  rake
  rspec (= 2.0.0.beta.19)
  tzinfo
